GEM
  remote: https://rubygems.org/
  specs:
    gemoji (1.4.0)
    rack (1.5.2)
    rack-protection (1.5.0)
      rack
    rumoji (0.2.0)
    sinatra (1.4.3)
      rack (~> 1.4)
      rack-protection (~> 1.4)
      tilt (~> 1.3, >= 1.3.4)
    tilt (1.4.1)

PLATFORMS
  ruby

DEPENDENCIES
  gemoji
  rumoji
  sinatra
